{
  "Modality": "MR",
  "MagneticFieldStrength": 3,
  "Manufacturer": "GE",
  "ManufacturersModelName": "SIGNA_PET_MR",
  "InstitutionName": "ULB_ERASME",
  "DeviceSerialNumber": "000000030130MR01",
  "StationName": "PETMR",
  "PatientPosition": "HFS",
  "ProcedureStepDescription": "Etude_Hypercapnie_Valentina",
  "SoftwareVersions": "26_LX_MR_Software_release:MP24.0_R03_1712.b",
  "MRAcquisitionType": "2D",
  "SeriesDescription": "fMRI_3mm_Gaz_60",
  "ProtocolName": "fMRI_3mm_Gaz_60",
  "ScanningSequence": "EP_GR",
  "SequenceVariant": "SS",
  "ScanOptions": "SAT_GEMS_EPI_GEMS_ACC_GEMS_FS",
  "ImageType": [
    "ORIGINAL",
    "PRIMARY",
    "EPI",
    "NONE"
  ],
  "SeriesNumber": 3,
  "AcquisitionTime": "11:54:57.000000",
  "AcquisitionNumber": 1,
  "SliceThickness": 3,
  "SpacingBetweenSlices": 3,
  "SAR": 0.116449,
  "EchoTime": 0.034,
  "RepetitionTime": 3,
  "FlipAngle": 90,
  "PercentPhaseFOV": 100,
  "AcquisitionMatrixPE": 96,
  "ReconMatrixPE": 128,
  "EffectiveEchoSpacing": 0.000696,
  "TotalReadoutTime": 0.088392,
  "PixelBandwidth": 3906.25,
  "ImageOrientationPatientDICOM": [
    0.999856,
    0,
    0.0169479,
    0.00307672,
    0.983384,
    -0.181511
  ],
  "InPlanePhaseEncodingDirectionDICOM": "COL",
  "ConversionSoftware": "dcm2niix",
  "ConversionSoftwareVersion": "v1.0.20171204 (OpenJPEG build) Clang8.1.0",
  "Dcm2bidsVersion": "2.1.4",
  "TaskName": "gas",
  "SliceTiming": [
    2.9347826086956523,
    1.434782608695652,
    2.869565217391304,
    1.3695652173913042,
    2.8043478260869565,
    1.3043478260869565,
    2.7391304347826084,
    1.2391304347826086,
    2.6739130434782608,
    1.1739130434782608,
    2.608695652173913,
    1.108695652173913,
    2.5434782608695654,
    1.0434782608695652,
    2.4782608695652173,
    0.9782608695652174,
    2.4130434782608696,
    0.9130434782608695,
    2.3478260869565215,
    0.8478260869565217,
    2.282608695652174,
    0.7826086956521738,
    2.217391304347826,
    0.717391304347826,
    2.1521739130434785,
    0.6521739130434783,
    2.0869565217391304,
    0.5869565217391304,
    2.0217391304347827,
    0.5217391304347826,
    1.9565217391304348,
    0.45652173913043476,
    1.891304347826087,
    0.3913043478260869,
    1.8260869565217392,
    0.32608695652173914,
    1.7608695652173914,
    0.2608695652173913,
    1.6956521739130435,
    0.19565217391304346,
    1.6304347826086956,
    0.13043478260869565,
    1.565217391304348,
    0.06521739130434782,
    1.5,
    0
  ]
}
